GEM
  remote: https://rubygems.org/
  specs:
    dotenv (2.8.1)

PLATFORMS
  x86_64-darwin-20

DEPENDENCIES
  dotenv

RUBY VERSION
   ruby 2.7.4p191

BUNDLED WITH
   2.3.23
